GIT
  remote: git://github.com/airblade/paper_trail.git
  revision: 2c3f330521b74d6411f941cd790281dac0f9688b
  branch: master
  specs:
    paper_trail (3.0.0.beta1)
      activerecord (>= 3.0, < 5.0)

GIT
  remote: git://github.com/collectiveidea/awesome_nested_set.git
  revision: 0429d6a82be40081caf40b976fed6a4d6ab294e3
  branch: master
  specs:
    awesome_nested_set (3.0.0.rc.1)
      activerecord (~> 4.0.0)

GIT
  remote: git://github.com/norman/friendly_id-globalize.git
  revision: 40d54091ef5d0bffcde0d7e50dcf203b220c8487
  branch: master
  specs:
    friendly_id-globalize (1.0.0.alpha1)
      friendly_id (>= 5.0.0.beta4, < 6.0)

GIT
  remote: git://github.com/norman/friendly_id.git
  revision: 46e4c18fe819f8748e1fbf6b86443c2365cd3a32
  branch: master
  specs:
    friendly_id (5.0.0.rc2)
      activerecord (~> 4.0.0)

GIT
  remote: git://github.com/parndt/seo_meta.git
  revision: d44d809fb45e78a66fd8ae95b5b49a24a30a6c91
  branch: master
  specs:
    seo_meta (1.4.0)
      railties (>= 3.0.0)

GIT
  remote: git://github.com/rails/rails.git
  revision: 1d03b5f5165868339cdf6b21d63853dd48513033
  branch: 4-0-stable
  specs:
    actionmailer (4.0.0)
      actionpack (= 4.0.0)
      mail (~> 2.5.4)
    actionpack (4.0.0)
      activesupport (= 4.0.0)
      builder (~> 3.1.0)
      erubis (~> 2.7.0)
      rack (~> 1.5.2)
      rack-test (~> 0.6.2)
    activemodel (4.0.0)
      activesupport (= 4.0.0)
      builder (~> 3.1.0)
    activerecord (4.0.0)
      activemodel (= 4.0.0)
      activerecord-deprecated_finders (~> 1.0.2)
      activesupport (= 4.0.0)
      arel (~> 4.0.0)
    activesupport (4.0.0)
      i18n (~> 0.6, >= 0.6.4)
      minitest (~> 4.2)
      multi_json (~> 1.3)
      thread_safe (~> 0.1)
      tzinfo (~> 0.3.37)
    rails (4.0.0)
      actionmailer (= 4.0.0)
      actionpack (= 4.0.0)
      activerecord (= 4.0.0)
      activesupport (= 4.0.0)
      bundler (>= 1.3.0, < 2.0)
      railties (= 4.0.0)
      sprockets-rails (~> 2.0.0)
    railties (4.0.0)
      actionpack (= 4.0.0)
      activesupport (= 4.0.0)
      rake (>= 0.8.7)
      thor (>= 0.18.1, < 2.0)

GIT
  remote: git://github.com/refinery/refinerycms-i18n.git
  revision: be2aa8b2afe6156a187f0f28250db59f3d685259
  branch: master
  specs:
    refinerycms-i18n (3.0.0.dev)
      rails-i18n (~> 0.7.3)
      routing-filter (>= 0.4.0.dev)

GIT
  remote: git://github.com/refinery/refinerycms.git
  revision: ca723e912e5dde2058d6a72bc4ee93cb338c17e7
  branch: rails4
  specs:
    refinerycms (3.0.0.dev)
      bundler (>= 1.2.2, < 2.0)
      refinerycms-authentication (= 3.0.0.dev)
      refinerycms-core (= 3.0.0.dev)
      refinerycms-dashboard (= 3.0.0.dev)
      refinerycms-images (= 3.0.0.dev)
      refinerycms-pages (= 3.0.0.dev)
      refinerycms-resources (= 3.0.0.dev)
    refinerycms-authentication (3.0.0.dev)
      actionmailer (>= 3.1.3, < 4.1)
      devise (~> 3.0.2)
      friendly_id (>= 5.0.0.rc1)
      refinerycms-core (= 3.0.0.dev)
    refinerycms-core (3.0.0.dev)
      actionpack (>= 3.1.11, < 4.1)
      activerecord (>= 3.1.11, < 4.1)
      awesome_nested_set (~> 3.0.0.rc.1)
      coffee-rails (~> 4.0.0)
      decorators (~> 1.0.0)
      jquery-rails (>= 2.3.0)
      jquery-ui-rails (~> 4.0.0)
      railties (>= 3.1.11, < 4.1)
      refinerycms-i18n (~> 3.0.0.dev)
      sass-rails (~> 4.0.0)
      truncate_html (~> 0.9)
      will_paginate (~> 3.0.2)
    refinerycms-dashboard (3.0.0.dev)
      refinerycms-core (= 3.0.0.dev)
    refinerycms-images (3.0.0.dev)
      dragonfly (~> 0.9.14)
      refinerycms-core (= 3.0.0.dev)
    refinerycms-pages (3.0.0.dev)
      awesome_nested_set (~> 3.0.0.rc.1)
      babosa (!= 0.3.6)
      friendly_id (>= 5.0.0.beta1)
      globalize3 (~> 0.3.0)
      refinerycms-core (= 3.0.0.dev)
      seo_meta (~> 1.4.0)
    refinerycms-resources (3.0.0.dev)
      acts_as_indexed (~> 0.8.0)
      dragonfly (~> 0.9.12)
      refinerycms-core (= 3.0.0.dev)

GIT
  remote: git://github.com/svenfuchs/globalize3.git
  revision: 82b3b36308677745b261bd147dda00ed4560a25d
  branch: rails4
  specs:
    globalize3 (0.3.0)
      activemodel (>= 4.0.0)
      activerecord (>= 4.0.0)
      paper_trail (~> 3.0.0.beta)

GEM
  remote: https://rubygems.org/
  specs:
    activerecord-deprecated_finders (1.0.3)
    acts_as_indexed (0.8.3)
    arel (4.0.0)
    atomic (1.1.14)
    babosa (0.3.11)
    bcrypt-ruby (3.1.2)
    builder (3.1.4)
    coffee-rails (4.0.0)
      coffee-script (>= 2.2.0)
      railties (>= 4.0.0.beta, < 5.0)
    coffee-script (2.2.0)
      coffee-script-source
      execjs
    coffee-script-source (1.6.3)
    decorators (1.0.3)
      railties (>= 3.0.19, != 3.2.9, != 3.2.8, != 3.2.7, != 3.2.6, != 3.2.5, != 3.2.4, != 3.2.3, != 3.2.2, != 3.2.10, != 3.2.1, != 3.2.0, != 3.1.9, != 3.1.8, != 3.1.7, != 3.1.6, != 3.1.5, != 3.1.4, != 3.1.3, != 3.1.2, != 3.1.1, != 3.1.0)
    devise (3.0.3)
      bcrypt-ruby (~> 3.0)
      orm_adapter (~> 0.1)
      railties (>= 3.2.6, < 5)
      warden (~> 1.2.3)
    dragonfly (0.9.15)
      multi_json (~> 1.0)
      rack
    erubis (2.7.0)
    execjs (2.0.1)
    hike (1.2.3)
    i18n (0.6.5)
    jquery-rails (3.0.4)
      railties (>= 3.0, < 5.0)
      thor (>= 0.14, < 2.0)
    jquery-ui-rails (4.0.4)
      jquery-rails
      railties (>= 3.1.0)
    json (1.8.0)
    mail (2.5.4)
      mime-types (~> 1.16)
      treetop (~> 1.4.8)
    mime-types (1.25)
    minitest (4.7.5)
    multi_json (1.8.0)
    orm_adapter (0.4.0)
    polyglot (0.3.3)
    protected_attributes (1.0.3)
      activemodel (>= 4.0.0, < 5.0)
    quiet_assets (1.0.2)
      railties (>= 3.1, < 5.0)
    rack (1.5.2)
    rack-test (0.6.2)
      rack (>= 1.0)
    rails-i18n (0.7.4)
      i18n (~> 0.5)
    rake (10.1.0)
    rdoc (3.12.2)
      json (~> 1.4)
    routing-filter (0.4.0.pre)
      actionpack
    sass (3.2.10)
    sass-rails (4.0.0)
      railties (>= 4.0.0.beta, < 5.0)
      sass (>= 3.1.10)
      sprockets-rails (~> 2.0.0)
    sdoc (0.3.20)
      json (>= 1.1.3)
      rdoc (~> 3.10)
    sprockets (2.10.0)
      hike (~> 1.2)
      multi_json (~> 1.0)
      rack (~> 1.0)
      tilt (~> 1.1, != 1.3.0)
    sprockets-rails (2.0.0)
      actionpack (>= 3.0)
      activesupport (>= 3.0)
      sprockets (~> 2.8)
    sqlite3 (1.3.8)
    thor (0.18.1)
    thread_safe (0.1.3)
      atomic
    tilt (1.4.1)
    treetop (1.4.15)
      polyglot
      polyglot (>= 0.3.1)
    truncate_html (0.9.2)
    turbolinks (1.3.0)
      coffee-rails
    tzinfo (0.3.37)
    warden (1.2.3)
      rack (>= 1.0)
    will_paginate (3.0.4)

PLATFORMS
  ruby

DEPENDENCIES
  awesome_nested_set!
  friendly_id!
  friendly_id-globalize!
  globalize3!
  jquery-rails
  paper_trail!
  protected_attributes
  quiet_assets
  rails (= 4.0.0)!
  refinerycms!
  refinerycms-i18n!
  sdoc
  seo_meta!
  sqlite3
  turbolinks
